GEM
  remote: https://rubygems.org/
  specs:
    coderay (1.1.2)
    inflector (0.0.1)
    method_source (1.0.0)
    pry (0.13.1)
      coderay (~> 1.1)
      method_source (~> 1.0)
    sqlite3 (1.4.2)

PLATFORMS
  ruby

DEPENDENCIES
  inflector (~> 0.0.1)
  pry
  sqlite3 (~> 1.4)

BUNDLED WITH
   2.0.1
