GEM
  remote: https://rubygems.org/
  specs:
  byebug (11.0.1)
    coderay (1.1.2)
    method_source (0.9.2)
    pry-byebug (3.7.0)
     byebug (~> 11.0)
     pry (~> 0.10)
      coderay (~> 1.1.0)
      method_source (~> 0.9.0)
    sqlite3 (1.3.13)

PLATFORMS
  ruby

DEPENDENCIES
  pry
  pry-byebug
  sqlite3 (~> 1.3.6)

BUNDLED WITH
   2.0.1
